GEM
  remote: https://oss:645sVokbdAFXxjbeWdhAfT3pGm6NXDf7@gem.mutant.dev/
  specs:
    mutant-license (0.1.1.2.3297863229289952655822342069710309777005.0)

GEM
  remote: https://rubygems.org/
  specs:
    ast (2.4.2)
    diff-lcs (1.5.0)
    docile (1.4.0)
    minitest (5.15.0)
    mutant (0.11.16)
      diff-lcs (~> 1.3)
      parser (~> 3.1.0)
      regexp_parser (~> 2.3, >= 2.3.1)
      sorbet-runtime (~> 0.5.0)
      unparser (~> 0.6.5)
    mutant-minitest (0.11.16)
      minitest (~> 5.11)
      mutant (= 0.11.16)
    parser (3.1.2.1)
      ast (~> 2.4.1)
    regexp_parser (2.6.0)
    simplecov (0.21.2)
      docile (~> 1.1)
      simplecov-html (~> 0.11)
      simplecov_json_formatter (~> 0.1)
    simplecov-html (0.12.3)
    simplecov_json_formatter (0.1.4)
    sorbet-runtime (0.5.10488)
    unparser (0.6.5)
      diff-lcs (~> 1.3)
      parser (>= 3.1.0)

PLATFORMS
  -darwin-21
  ruby

DEPENDENCIES
  minitest
  mutant-license!
  mutant-minitest
  simplecov

RUBY VERSION
   ruby 2.7.1p83

BUNDLED WITH
   2.3.10
